GIT
  remote: git://github.com/alfredxing/jekyll.git
  revision: 43a28aed967b66de87e2a539ca92c5cb93ce9b66
  branch: incremental
  specs:
    jekyll (2.5.1)
      classifier-reborn (~> 2.0)
      colorator (~> 0.1)
      jekyll-coffeescript (~> 1.0)
      jekyll-gist (~> 1.0)
      jekyll-paginate (~> 1.0)
      jekyll-sass-converter (~> 1.0)
      jekyll-watch (~> 1.1)
      kramdown (~> 1.3)
      liquid (~> 2.6.1)
      mercenary (~> 0.3.3)
      pygments.rb (~> 0.6.0)
      redcarpet (~> 3.1)
      safe_yaml (~> 1.0)
      toml (~> 0.1.0)

GEM
  remote: https://rubygems.org/
  specs:
    algoliasearch (1.3.1)
      httpclient (~> 2.4)
      json (>= 1.5.1)
    blankslate (2.1.2.4)
    bourbon (4.2.3)
      sass (~> 3.4)
      thor
    celluloid (0.16.0)
      timers (~> 4.0.0)
    classifier-reborn (2.0.3)
      fast-stemmer (~> 1.0)
    coderay (1.1.0)
    coffee-script (2.4.1)
      coffee-script-source
      execjs
    coffee-script-source (1.9.1.1)
    colorator (0.1)
    execjs (2.5.2)
    fast-stemmer (1.0.2)
    ffi (1.9.8)
    hitimes (1.2.2)
    httpclient (2.6.0.1)
    jekyll-coffeescript (1.0.1)
      coffee-script (~> 2.2)
    jekyll-gist (1.2.1)
    jekyll-paginate (1.1.0)
    jekyll-sass-converter (1.3.0)
      sass (~> 3.2)
    jekyll-watch (1.2.1)
      listen (~> 2.7)
    json (1.8.3)
    kramdown (1.7.0)
    libv8 (3.16.14.7)
    liquid (2.6.2)
    listen (2.10.1)
      celluloid (~> 0.16.0)
      rb-fsevent (>= 0.9.3)
      rb-inotify (>= 0.9)
    mercenary (0.3.5)
    method_source (0.8.2)
    mini_portile (0.6.2)
    neat (1.7.2)
      bourbon (>= 4.0)
      sass (>= 3.3)
    nokogiri (1.6.6.2)
      mini_portile (~> 0.6.0)
    os (0.9.6)
    parslet (1.5.0)
      blankslate (~> 2.0)
    piet (0.2.2)
      png_quantizator
    piet-binary (0.2.0)
      os (~> 0.9.6)
      piet (>= 0.2.0)
      png_quantizator
    png_quantizator (0.1.1)
    posix-spawn (0.3.11)
    pry (0.10.1)
      coderay (~> 1.1.0)
      method_source (~> 0.8.1)
      slop (~> 3.4)
    pygments.rb (0.6.3)
      posix-spawn (~> 0.3.6)
      yajl-ruby (~> 1.2.0)
    rb-fsevent (0.9.5)
    rb-inotify (0.9.5)
      ffi (>= 0.5.0)
    redcarpet (3.3.2)
    ref (1.0.5)
    rouge (1.6.2)
    safe_yaml (1.0.4)
    sass (3.4.15)
    slop (3.6.0)
    terminal-notifier (1.6.3)
    therubyracer (0.12.2)
      libv8 (~> 3.16.14.0)
      ref
    thor (0.19.1)
    timers (4.0.1)
      hitimes
    toml (0.1.2)
      parslet (~> 1.5.0)
    yajl-ruby (1.2.1)

PLATFORMS
  ruby

DEPENDENCIES
  algoliasearch (~> 1.3.1)
  bourbon (~> 4.2.1)
  jekyll!
  neat (~> 1.7.1)
  nokogiri (~> 1.6.5)
  piet
  piet-binary
  png_quantizator
  pry
  rouge (~> 1.6.0)
  terminal-notifier (~> 1.6.1)
  therubyracer (~> 0.12.1)

BUNDLED WITH
   1.10.5
