GEM
  remote: https://rubygems.org/
  specs:
    addressable (2.7.0)
      public_suffix (>= 2.0.2, < 5.0)
    babel-source (5.8.35)
    babel-transpiler (0.7.0)
      babel-source (>= 4.0, < 6)
      execjs (~> 2.0)
    bourbon (4.2.7)
      sass (~> 3.4)
      thor (~> 0.19)
    coderay (1.1.2)
    colorator (1.1.0)
    execjs (2.7.0)
    faraday (0.17.0)
      multipart-post (>= 1.2, < 3)
    ffi (1.11.1)
    forwardable-extended (2.6.0)
    jekyll (3.6.3)
      addressable (~> 2.4)
      colorator (~> 1.0)
      jekyll-sass-converter (~> 1.0)
      jekyll-watch (~> 1.1)
      kramdown (~> 1.14)
      liquid (~> 4.0)
      mercenary (~> 0.3.3)
      pathutil (~> 0.9)
      rouge (>= 1.7, < 3)
      safe_yaml (~> 1.0)
    jekyll-babel (1.1.0)
      babel-transpiler
    jekyll-github-metadata (2.12.1)
      jekyll (~> 3.4)
      octokit (~> 4.0, != 4.4.0)
    jekyll-paginate (1.1.0)
    jekyll-sass-converter (1.5.2)
      sass (~> 3.4)
    jekyll-watch (1.5.1)
      listen (~> 3.0)
    json (2.2.0)
    kramdown (1.17.0)
    libv8 (3.16.14.19)
    liquid (4.0.3)
    listen (3.2.0)
      rb-fsevent (~> 0.10, >= 0.10.3)
      rb-inotify (~> 0.9, >= 0.9.10)
    mercenary (0.3.6)
    method_source (0.9.2)
    mini_portile2 (2.4.0)
    multipart-post (2.1.1)
    neat (1.7.4)
      bourbon (>= 4.0)
      sass (>= 3.3)
    nokogiri (1.10.4)
      mini_portile2 (~> 2.4.0)
    octokit (4.14.0)
      sawyer (~> 0.8.0, >= 0.5.3)
    pathutil (0.16.2)
      forwardable-extended (~> 2.6)
    pry (0.12.2)
      coderay (~> 1.1.0)
      method_source (~> 0.9.0)
    public_suffix (4.0.1)
    rb-fsevent (0.10.3)
    rb-inotify (0.10.0)
      ffi (~> 1.0)
    ref (2.0.0)
    rouge (1.10.1)
    safe_yaml (1.0.5)
    sass (3.7.4)
      sass-listen (~> 4.0.0)
    sass-listen (4.0.0)
      rb-fsevent (~> 0.9, >= 0.9.4)
      rb-inotify (~> 0.9, >= 0.9.7)
    sawyer (0.8.2)
      addressable (>= 2.3.5)
      faraday (> 0.8, < 2.0)
    terminal-notifier (1.6.3)
    therubyracer (0.12.3)
      libv8 (~> 3.16.14.15)
      ref
    thor (0.20.3)

PLATFORMS
  ruby

DEPENDENCIES
  bourbon (~> 4.2.1)
  jekyll (~> 3.6.3)
  jekyll-babel (~> 1.1.0)
  jekyll-github-metadata (~> 2.12)
  jekyll-paginate (~> 1.1.0)
  json (~> 2.0)
  neat (~> 1.7.1)
  nokogiri (~> 1.10.4)
  pry
  rouge (~> 1.10.1)
  terminal-notifier (~> 1.6.1)
  therubyracer (~> 0.12.3)

BUNDLED WITH
   1.17.3
